GEM
  remote: http://rubygems.org/
  specs:
    actionmailer (2.3.9)
      actionpack (= 2.3.9)
    actionpack (2.3.9)
      activesupport (= 2.3.9)
      rack (~> 1.1.0)
    activerecord (2.3.9)
      activesupport (= 2.3.9)
    activeresource (2.3.9)
      activesupport (= 2.3.9)
    activesupport (2.3.9)
    authlogic (2.1.6)
      activesupport
    columnize (0.3.2)
    factory_girl (1.3.2)
    faker (0.3.1)
    haml (3.0.25)
    linecache (0.43)
    mysql (2.8.1)
    rack (1.1.0)
    rails (2.3.9)
      actionmailer (= 2.3.9)
      actionpack (= 2.3.9)
      activerecord (= 2.3.9)
      activeresource (= 2.3.9)
      activesupport (= 2.3.9)
      rake (>= 0.8.3)
    rake (0.8.7)
    rspec (1.3.1)
    rspec-rails (1.3.2)
      rack (>= 1.0.0)
      rspec (>= 1.3.0)
    ruby-debug (0.10.4)
      columnize (>= 0.1)
      ruby-debug-base (~> 0.10.4.0)
    ruby-debug-base (0.10.4)
      linecache (>= 0.3)
    searchlogic (2.4.27)
      activerecord (>= 2.0.0)
    simple_form (1.0.2)
    will_paginate (2.3.15)

PLATFORMS
  ruby

DEPENDENCIES
  authlogic
  factory_girl
  faker
  haml
  mysql (= 2.8.1)
  rails (= 2.3.9)
  rspec (= 1.3.1)
  rspec-rails (= 1.3.2)
  ruby-debug (= 0.10.4)
  searchlogic
  simple_form (= 1.0.2)
  will_paginate
