GEM
  remote: http://rubygems.org/
  specs:
    actionmailer (2.3.9)
      actionpack (= 2.3.9)
    actionpack (2.3.9)
      activesupport (= 2.3.9)
      rack (~> 1.1.0)
    activerecord (2.3.9)
      activesupport (= 2.3.9)
    activeresource (2.3.9)
      activesupport (= 2.3.9)
    activesupport (2.3.9)
    authlogic (2.1.6)
      activesupport
    factory_girl (1.3.2)
    faker (0.3.1)
    formtastic (1.1.0)
      actionpack (>= 2.3.0)
      activesupport (>= 2.3.0)
      i18n (>= 0.4.0)
    haml (3.0.23)
    i18n (0.4.2)
    mysql (2.8.1)
    rack (1.1.0)
    rails (2.3.9)
      actionmailer (= 2.3.9)
      actionpack (= 2.3.9)
      activerecord (= 2.3.9)
      activeresource (= 2.3.9)
      activesupport (= 2.3.9)
      rake (>= 0.8.3)
    rake (0.8.7)
    rspec (1.3.0)
    rspec-rails (1.3.2)
      rack (>= 1.0.0)
      rspec (>= 1.3.0)
    validation_reflection (0.3.8)

PLATFORMS
  ruby

DEPENDENCIES
  authlogic
  factory_girl
  faker
  formtastic (~> 1.1.0)
  haml
  mysql (= 2.8.1)
  rails (= 2.3.9)
  rspec-rails (= 1.3.2)
  validation_reflection (~> 0.3.8)
